GEM
  remote: https://rubygems.org/
  specs:
    byebug (9.0.6)
    minitest (5.10.1)
    rake (12.0.0)

PLATFORMS
  ruby

DEPENDENCIES
  byebug
  minitest
  rake

BUNDLED WITH
   1.13.6
